GEM
  remote: http://rubygems.org/
  specs:
    foreman (0.82.0)
      thor (~> 0.19.1)
    puma (3.6.0)
    rack (1.6.4)
    thor (0.19.1)

PLATFORMS
  ruby

DEPENDENCIES
  foreman
  puma
  rack (~> 1.6.0)
